GEM
  remote: https://rubygems.org/
  specs:
    ffi (1.9.3)
    haml (4.0.5)
      tilt
    mini_portile (0.5.2)
    nokogiri (1.6.1)
      mini_portile (~> 0.5.0)
    rb-inotify (0.9.3)
      ffi (>= 0.5.0)
    tilt (2.0.0)

PLATFORMS
  ruby

DEPENDENCIES
  haml
  nokogiri
  rb-inotify
